PATH
  remote: .
  specs:
    activerecord-staticfile-adapter (0.1.0)

GEM
  remote: https://rubygems.org/
  specs:
    rake (10.5.0)

PLATFORMS
  ruby

DEPENDENCIES
  activerecord-staticfile-adapter!
  bundler (~> 1.14)
  rake (~> 10.0)

BUNDLED WITH
   1.14.2
